PATH
  remote: .
  specs:
    gsuite_api (1.0.0)
      activesupport
      google-api-client

GEM
  remote: https://rubygems.org/
  specs:
    activesupport (6.0.3.1)
      concurrent-ruby (~> 1.0, >= 1.0.2)
      i18n (>= 0.7, < 2)
      minitest (~> 5.1)
      tzinfo (~> 1.1)
      zeitwerk (~> 2.2, >= 2.2.2)
    addressable (2.8.0)
      public_suffix (>= 2.0.2, < 5.0)
    concurrent-ruby (1.1.6)
    declarative (0.0.10)
    declarative-option (0.1.0)
    diff-lcs (1.3)
    faraday (0.17.1)
      multipart-post (>= 1.2, < 3)
    google-api-client (0.36.0)
      addressable (~> 2.5, >= 2.5.1)
      googleauth (~> 0.9)
      httpclient (>= 2.8.1, < 3.0)
      mini_mime (~> 1.0)
      representable (~> 3.0)
      retriable (>= 2.0, < 4.0)
      signet (~> 0.12)
    googleauth (0.10.0)
      faraday (~> 0.12)
      jwt (>= 1.4, < 3.0)
      memoist (~> 0.16)
      multi_json (~> 1.11)
      os (>= 0.9, < 2.0)
      signet (~> 0.12)
    httpclient (2.8.3)
    i18n (1.8.2)
      concurrent-ruby (~> 1.0)
    jwt (2.2.1)
    memoist (0.16.2)
    mini_mime (1.0.2)
    minitest (5.14.1)
    multi_json (1.14.1)
    multipart-post (2.1.1)
    os (1.0.1)
    public_suffix (4.0.6)
    rake (12.3.3)
    representable (3.0.4)
      declarative (< 0.1.0)
      declarative-option (< 0.2.0)
      uber (< 0.2.0)
    retriable (3.1.2)
    rspec (3.8.0)
      rspec-core (~> 3.8.0)
      rspec-expectations (~> 3.8.0)
      rspec-mocks (~> 3.8.0)
    rspec-core (3.8.0)
      rspec-support (~> 3.8.0)
    rspec-expectations (3.8.1)
      diff-lcs (>= 1.2.0, < 2.0)
      rspec-support (~> 3.8.0)
    rspec-mocks (3.8.0)
      diff-lcs (>= 1.2.0, < 2.0)
      rspec-support (~> 3.8.0)
    rspec-support (3.8.0)
    signet (0.12.0)
      addressable (~> 2.3)
      faraday (~> 0.9)
      jwt (>= 1.5, < 3.0)
      multi_json (~> 1.10)
    thread_safe (0.3.6)
    tzinfo (1.2.7)
      thread_safe (~> 0.1)
    uber (0.1.0)
    zeitwerk (2.3.0)

PLATFORMS
  ruby

DEPENDENCIES
  bundler (~> 2.0)
  gsuite_api!
  rake (~> 12.0)
  rspec (~> 3.0)

BUNDLED WITH
   2.0.2
